PATH
  remote: .
  specs:
    activemodel-logger_attributes (0.1.2)
      activemodel (> 4, < 8)

GEM
  remote: https://rubygems.org/
  specs:
    activemodel (7.0.5)
      activesupport (= 7.0.5)
    activesupport (7.0.5)
      concurrent-ruby (~> 1.0, >= 1.0.2)
      i18n (>= 1.6, < 2)
      minitest (>= 5.1)
      tzinfo (~> 2.0)
    awesome_print (1.8.0)
    concurrent-ruby (1.2.2)
    diff-lcs (1.3)
    i18n (1.14.1)
      concurrent-ruby (~> 1.0)
    minitest (5.18.1)
    rake (10.5.0)
    rspec (3.7.0)
      rspec-core (~> 3.7.0)
      rspec-expectations (~> 3.7.0)
      rspec-mocks (~> 3.7.0)
    rspec-core (3.7.1)
      rspec-support (~> 3.7.0)
    rspec-expectations (3.7.0)
      diff-lcs (>= 1.2.0, < 2.0)
      rspec-support (~> 3.7.0)
    rspec-mocks (3.7.0)
      diff-lcs (>= 1.2.0, < 2.0)
      rspec-support (~> 3.7.0)
    rspec-support (3.7.1)
    tzinfo (2.0.6)
      concurrent-ruby (~> 1.0)

PLATFORMS
  ruby

DEPENDENCIES
  activemodel-logger_attributes!
  awesome_print (~> 1)
  bundler (~> 1.16)
  rake (~> 10.0)
  rspec (~> 3.0)

BUNDLED WITH
   1.16.1
